GEM
  remote: https://rubygems.org/
  specs:
    adsf (1.4.1)
      rack (>= 1.0.0, < 3.0.0)
    coderay (1.1.2)
    colored (1.2)
    cri (2.10.1)
      colored (~> 1.2)
    kramdown (1.17.0)
    nanoc (3.6.11)
      cri (~> 2.3)
    rack (2.0.5)

PLATFORMS
  ruby

DEPENDENCIES
  adsf
  coderay
  kramdown
  nanoc (< 3.7)

BUNDLED WITH
   1.16.1
